PATH
  remote: .
  specs:
    xgt-ruby (0.1.3)
      base58 (~> 0.2.3)
      bitcoin-ruby (~> 0.0.19)
      faraday (~> 0.15.4)
      faraday_middleware (~> 0.13.1)

GEM
  remote: https://rubygems.org/
  specs:
    base58 (0.2.3)
    bitcoin-ruby (0.0.20)
      eventmachine
      ffi
      scrypt
    diff-lcs (1.3)
    eventmachine (1.2.7)
    faraday (0.15.4)
      multipart-post (>= 1.2, < 3)
    faraday_middleware (0.13.1)
      faraday (>= 0.7.4, < 1.0)
    ffi (1.15.0)
    ffi-compiler (1.0.1)
      ffi (>= 1.0.0)
      rake
    multipart-post (2.1.1)
    rake (13.0.3)
    rspec (3.8.0)
      rspec-core (~> 3.8.0)
      rspec-expectations (~> 3.8.0)
      rspec-mocks (~> 3.8.0)
    rspec-core (3.8.0)
      rspec-support (~> 3.8.0)
    rspec-expectations (3.8.3)
      diff-lcs (>= 1.2.0, < 2.0)
      rspec-support (~> 3.8.0)
    rspec-mocks (3.8.0)
      diff-lcs (>= 1.2.0, < 2.0)
      rspec-support (~> 3.8.0)
    rspec-support (3.8.0)
    scrypt (3.0.7)
      ffi-compiler (>= 1.0, < 2.0)

PLATFORMS
  ruby

DEPENDENCIES
  bundler (~> 2.0)
  rake (~> 13.0.3)
  rspec (~> 3.0)
  xgt-ruby!

BUNDLED WITH
   2.1.4
