GIT
  remote: https://github.com/raggi/bitcoin-ruby
  revision: ee22140522b1ee75a363ff7aaa56d1925d5bde9d
  specs:
    bitcoin-ruby (0.0.20)
      eventmachine
      ffi
      scrypt

PATH
  remote: .
  specs:
    xgt-ruby (0.1.5)
      base58 (~> 0.2.3)
      bitcoin-ruby (~> 0.0.20)
      faraday (~> 1.4.2)
      faraday_middleware (~> 1.0.0)

GEM
  remote: https://rubygems.org/
  specs:
    base58 (0.2.3)
    diff-lcs (1.4.4)
    eventmachine (1.2.7)
    faraday (1.4.2)
      faraday-em_http (~> 1.0)
      faraday-em_synchrony (~> 1.0)
      faraday-excon (~> 1.1)
      faraday-net_http (~> 1.0)
      faraday-net_http_persistent (~> 1.1)
      multipart-post (>= 1.2, < 3)
      ruby2_keywords (>= 0.0.4)
    faraday-em_http (1.0.0)
    faraday-em_synchrony (1.0.0)
    faraday-excon (1.1.0)
    faraday-net_http (1.0.1)
    faraday-net_http_persistent (1.1.0)
    faraday_middleware (1.0.0)
      faraday (~> 1.0)
    ffi (1.15.1)
    ffi-compiler (1.0.1)
      ffi (>= 1.0.0)
      rake
    multipart-post (2.1.1)
    rake (13.0.3)
    rspec (3.10.0)
      rspec-core (~> 3.10.0)
      rspec-expectations (~> 3.10.0)
      rspec-mocks (~> 3.10.0)
    rspec-core (3.10.1)
      rspec-support (~> 3.10.0)
    rspec-expectations (3.10.1)
      diff-lcs (>= 1.2.0, < 2.0)
      rspec-support (~> 3.10.0)
    rspec-mocks (3.10.2)
      diff-lcs (>= 1.2.0, < 2.0)
      rspec-support (~> 3.10.0)
    rspec-support (3.10.2)
    ruby2_keywords (0.0.4)
    scrypt (3.0.7)
      ffi-compiler (>= 1.0, < 2.0)

PLATFORMS
  ruby
  x86_64-linux

DEPENDENCIES
  bitcoin-ruby!
  bundler (~> 2.0)
  rake (~> 13.0.3)
  rspec (~> 3.0)
  xgt-ruby!

BUNDLED WITH
   2.2.19
